GEM
  remote: https://rubygems.org/
  specs:
    activemodel (6.1.7.1)
      activesupport (= 6.1.7.1)
    activerecord (6.1.7.1)
      activemodel (= 6.1.7.1)
      activesupport (= 6.1.7.1)
    activesupport (6.1.7.1)
      concurrent-ruby (~> 1.0, >= 1.0.2)
      i18n (>= 1.6, < 2)
      minitest (>= 5.1)
      tzinfo (~> 2.0)
      zeitwerk (~> 2.3)
    concurrent-ruby (1.1.10)
    connection_pool (2.2.2)
    faraday (1.0.1)
      multipart-post (>= 1.2, < 3)
    i18n (1.12.0)
      concurrent-ruby (~> 1.0)
    mini_portile2 (2.4.0)
    minitest (5.17.0)
    multipart-post (2.1.1)
    nokogiri (1.10.9)
      mini_portile2 (~> 2.4.0)
    pg (1.2.3)
    rack (2.2.2)
    rack-protection (2.0.8.1)
      rack
    redis (4.1.3)
    sidekiq (6.0.7)
      connection_pool (>= 2.2.2)
      rack (~> 2.0)
      rack-protection (>= 2.0.0)
      redis (>= 4.1.0)
    tzinfo (2.0.5)
      concurrent-ruby (~> 1.0)
    zeitwerk (2.6.6)

PLATFORMS
  ruby

DEPENDENCIES
  activerecord
  faraday
  nokogiri
  pg
  sidekiq

BUNDLED WITH
   1.17.2
